GEM
  remote: https://rubygems.org/
  specs:
    actionpack (6.0.4)
      actionview (= 6.0.4)
      activesupport (= 6.0.4)
      rack (~> 2.0, >= 2.0.8)
      rack-test (>= 0.6.3)
      rails-dom-testing (~> 2.0)
      rails-html-sanitizer (~> 1.0, >= 1.2.0)
    actionview (6.0.4)
      activesupport (= 6.0.4)
      builder (~> 3.1)
      erubi (~> 1.4)
      rails-dom-testing (~> 2.0)
      rails-html-sanitizer (~> 1.1, >= 1.2.0)
    activemodel (6.0.4)
      activesupport (= 6.0.4)
    activerecord (6.0.4)
      activemodel (= 6.0.4)
      activesupport (= 6.0.4)
    activesupport (6.0.4)
      concurrent-ruby (~> 1.0, >= 1.0.2)
      i18n (>= 0.7, < 2)
      minitest (~> 5.1)
      tzinfo (~> 1.1)
      zeitwerk (~> 2.2, >= 2.2.2)
    async (1.29.1)
      console (~> 1.10)
      nio4r (~> 2.3)
      timers (~> 4.1)
    builder (3.2.4)
    concurrent-ruby (1.1.9)
    console (1.13.1)
      fiber-local
    crass (1.0.6)
    declarative (0.0.20)
    declarative-option (0.1.0)
    dry-configurable (0.12.1)
      concurrent-ruby (~> 1.0)
      dry-core (~> 0.5, >= 0.5.0)
    dry-container (0.8.0)
      concurrent-ruby (~> 1.0)
      dry-configurable (~> 0.1, >= 0.1.3)
    dry-core (0.6.0)
      concurrent-ruby (~> 1.0)
    dry-inflector (0.2.0)
    dry-logic (1.2.0)
      concurrent-ruby (~> 1.0)
      dry-core (~> 0.5, >= 0.5)
    dry-types (1.5.1)
      concurrent-ruby (~> 1.0)
      dry-container (~> 0.3)
      dry-core (~> 0.5, >= 0.5)
      dry-inflector (~> 0.1, >= 0.1.2)
      dry-logic (~> 1.0, >= 1.0.2)
    erubi (1.10.0)
    faraday (1.4.3)
      faraday-em_http (~> 1.0)
      faraday-em_synchrony (~> 1.0)
      faraday-excon (~> 1.1)
      faraday-net_http (~> 1.0)
      faraday-net_http_persistent (~> 1.1)
      multipart-post (>= 1.2, < 3)
      ruby2_keywords (>= 0.0.4)
    faraday-em_http (1.0.0)
    faraday-em_synchrony (1.0.0)
    faraday-excon (1.1.0)
    faraday-net_http (1.0.1)
    faraday-net_http_persistent (1.1.0)
    faraday_middleware (1.0.0)
      faraday (~> 1.0)
    fiber-local (1.0.0)
    foreman (0.87.2)
    gli (2.20.1)
    grape (1.5.3)
      activesupport
      builder
      dry-types (>= 1.1)
      mustermann-grape (~> 1.0.0)
      rack (>= 1.3.0)
      rack-accept
    grape-roar (0.4.1)
      grape
      multi_json
      roar (~> 1.1.0)
    grape-swagger (1.4.0)
      grape (~> 1.3)
    hashie (4.1.0)
    hashie-forbidden_attributes (0.1.1)
      hashie (>= 3.0)
    i18n (1.8.10)
      concurrent-ruby (~> 1.0)
    kaminari-core (1.2.1)
    kaminari-grape (1.0.1)
      grape
      kaminari-core (~> 1.0)
    kgio (2.11.4)
    kramdown (2.3.1)
      rexml
    loofah (2.10.0)
      crass (~> 1.0.2)
      nokogiri (>= 1.5.9)
    method_source (1.0.0)
    minitest (5.14.4)
    multi_json (1.15.0)
    multipart-post (2.1.1)
    mustermann (1.1.1)
      ruby2_keywords (~> 0.0.1)
    mustermann-grape (1.0.1)
      mustermann (>= 1.0.0)
    newrelic-slack-ruby-bot (0.2.2)
      newrelic_rpm
      slack-ruby-bot (>= 0.10.5)
    newrelic_rpm (7.1.0)
    nio4r (2.5.7)
    nokogiri (1.11.7-x86_64-linux)
      racc (~> 1.4)
    otr-activerecord (2.0.1)
      activerecord (>= 4.0, < 6.3)
      hashie-forbidden_attributes (~> 0.1)
    pg (1.2.3)
    racc (1.5.2)
    rack (2.2.3)
    rack-accept (0.4.5)
      rack (>= 0.4)
    rack-cors (1.1.1)
      rack (>= 2.0.0)
    rack-rewrite (1.5.1)
    rack-server-pages (0.1.0)
      rack
    rack-test (1.1.0)
      rack (>= 1.0, < 3)
    rails-dom-testing (2.0.3)
      activesupport (>= 4.2.0)
      nokogiri (>= 1.6)
    rails-html-sanitizer (1.3.0)
      loofah (~> 2.3)
    railties (6.0.4)
      actionpack (= 6.0.4)
      activesupport (= 6.0.4)
      method_source
      rake (>= 0.8.7)
      thor (>= 0.20.3, < 2.0)
    raindrops (0.19.2)
    rake (13.0.3)
    representable (3.0.4)
      declarative (< 0.1.0)
      declarative-option (< 0.2.0)
      uber (< 0.2.0)
    rexml (3.2.5)
    roar (1.1.0)
      representable (~> 3.0.0)
    ruby2_keywords (0.0.4)
    slack-ruby-bot (0.16.1)
      activesupport
      hashie
      slack-ruby-client (>= 0.14.0)
    slack-ruby-bot-server (1.2.0)
      async
      foreman
      grape
      grape-roar (>= 0.4.0)
      grape-swagger
      kaminari-grape
      rack-cors
      rack-rewrite
      rack-server-pages
      slack-ruby-client
    slack-ruby-bot-server-events (0.3.1)
      slack-ruby-bot-server (>= 0.12.0)
    slack-ruby-client (0.17.0)
      faraday (>= 1.0)
      faraday_middleware
      gli
      hashie
      websocket-driver
    standalone_migrations (6.0.0)
      activerecord (>= 4.2.7, < 6.1.0, != 5.2.3.rc1, != 5.2.3)
      railties (>= 4.2.7, < 6.1.0, != 5.2.3.rc1, != 5.2.3)
      rake (>= 10.0)
    thor (1.1.0)
    thread_safe (0.3.6)
    timers (4.3.3)
    tzinfo (1.2.9)
      thread_safe (~> 0.1)
    uber (0.1.0)
    unicorn (6.0.0)
      kgio (~> 2.6)
      raindrops (~> 0.7)
    websocket-driver (0.7.5)
      websocket-extensions (>= 0.1.0)
    websocket-extensions (0.1.5)
    zeitwerk (2.4.2)

PLATFORMS
  x86_64-linux

DEPENDENCIES
  activerecord
  kramdown
  newrelic-slack-ruby-bot
  otr-activerecord
  pg
  rack-server-pages
  rack-test
  slack-ruby-bot-server
  slack-ruby-bot-server-events
  standalone_migrations
  unicorn

BUNDLED WITH
   2.2.21
